PATH
  remote: /Users/seb/code/ssaunier/unifi
  specs:
    unifi (0.1.0)
      addressable (~> 2.4.0)
      faraday (~> 0.9.2)
      faraday-cookie_jar (~> 0.0.6)
      faraday_middleware (~> 0.10)
      troupe (~> 0.1.0)

GEM
  remote: https://rubygems.org/
  specs:
    addressable (2.4.0)
    byebug (5.0.0)
      columnize (= 0.9.0)
    coderay (1.1.0)
    columnize (0.9.0)
    domain_name (0.5.20160310)
      unf (>= 0.0.5, < 1.0.0)
    dotenv (2.1.1)
    faraday (0.9.2)
      multipart-post (>= 1.2, < 3)
    faraday-cookie_jar (0.0.6)
      faraday (>= 0.7.4)
      http-cookie (~> 1.0.0)
    faraday_middleware (0.10.0)
      faraday (>= 0.7.4, < 0.10)
    http-cookie (1.0.2)
      domain_name (~> 0.5)
    interactor (3.1.0)
    method_source (0.8.2)
    multipart-post (2.0.0)
    pry (0.10.3)
      coderay (~> 1.1.0)
      method_source (~> 0.8.1)
      slop (~> 3.4)
    pry-byebug (3.2.0)
      byebug (~> 5.0)
      pry (~> 0.10)
    rake (10.5.0)
    slop (3.6.0)
    troupe (0.1.0)
      interactor (~> 3.1)
    unf (0.1.4)
      unf_ext
    unf_ext (0.0.7.2)

PLATFORMS
  ruby

DEPENDENCIES
  dotenv
  pry-byebug
  rake
  unifi!

BUNDLED WITH
   1.11.2
